PATH
  remote: .
  specs:
    msgpack-jruby (1.4.1-java)

GEM
  remote: http://bundler.rubygems.org/
  specs:
    alf (0.10.1)
      highline (~> 1.6.2)
      myrrha (~> 1.2.1)
      quickl (~> 0.4.1)
    bouncy-castle-java (1.5.0146.1)
    bson (1.5.2)
    bson (1.5.2-java)
    bson_ext (1.5.2)
      bson (= 1.5.2)
    diff-lcs (1.1.3)
    ffi (1.0.9)
    ffi (1.0.9-java)
    ffi-ncurses (0.3.3)
      ffi (>= 0.6.3)
    gnuplot (2.3.6)
    highline (1.6.2)
    jruby-openssl (0.7.4)
      bouncy-castle-java
    json (1.5.0)
    json (1.5.0-java)
    msgpack (0.4.6)
    myrrha (1.2.1)
    quickl (0.4.1)
    rake (10.0.2)
    rspec (2.6.0)
      rspec-core (~> 2.6.0)
      rspec-expectations (~> 2.6.0)
      rspec-mocks (~> 2.6.0)
    rspec-core (2.6.4)
    rspec-expectations (2.6.0)
      diff-lcs (~> 1.1.2)
    rspec-mocks (2.6.0)
    viiite (0.1.0)
      alf (~> 0.10.0)
      gnuplot (~> 2.3.6)
      quickl (~> 0.4.0)

PLATFORMS
  java
  ruby

DEPENDENCIES
  bson
  bson_ext
  ffi-ncurses
  jruby-openssl
  json
  msgpack
  msgpack-jruby!
  rake
  rspec
  viiite
